GEM
  remote: https://rubygems.org/
  specs:
    actionmailer (4.1.12)
      actionpack (= 4.1.12)
      actionview (= 4.1.12)
      mail (~> 2.5, >= 2.5.4)
    actionpack (4.1.12)
      actionview (= 4.1.12)
      activesupport (= 4.1.12)
      rack (~> 1.5.2)
      rack-test (~> 0.6.2)
    actionview (4.1.12)
      activesupport (= 4.1.12)
      builder (~> 3.1)
      erubis (~> 2.7.0)
    activemodel (4.1.12)
      activesupport (= 4.1.12)
      builder (~> 3.1)
    activerecord (4.1.12)
      activemodel (= 4.1.12)
      activesupport (= 4.1.12)
      arel (~> 5.0.0)
    activesupport (4.1.12)
      i18n (~> 0.6, >= 0.6.9)
      json (~> 1.7, >= 1.7.7)
      minitest (~> 5.1)
      thread_safe (~> 0.1)
      tzinfo (~> 1.1)
    arel (5.0.1.20140414130214)
    autoprefixer-rails (5.2.1)
      execjs
      json
    aws-sdk (1.64.0)
      aws-sdk-v1 (= 1.64.0)
    aws-sdk-v1 (1.64.0)
      json (~> 1.4)
      nokogiri (>= 1.4.4)
    axiom-types (0.1.1)
      descendants_tracker (~> 0.0.4)
      ice_nine (~> 0.11.0)
      thread_safe (~> 0.3, >= 0.3.1)
    better_errors (2.1.1)
      coderay (>= 1.0.0)
      erubis (>= 2.6.6)
      rack (>= 0.9.0)
    binding_of_caller (0.7.2)
      debug_inspector (>= 0.0.1)
    bootstrap-sass (3.2.0.2)
      sass (~> 3.2)
    bootstrap-switch-rails (3.0.0)
    builder (3.2.2)
    byebug (4.0.5)
      columnize (= 0.9.0)
    cachethod (0.2.0)
      rails (>= 3)
    celluloid (0.16.0)
      timers (~> 4.0.0)
    chamber (2.8.0)
      hashie (~> 3.3)
      thor (~> 0.19.1)
    chartjs-ror (2.1.1)
      rails (>= 3.1)
    climate_control (0.0.3)
      activesupport (>= 3.0)
    cocaine (0.5.7)
      climate_control (>= 0.0.3, < 1.0)
    cocoon (1.2.6)
    coderay (1.1.0)
    coercible (1.0.0)
      descendants_tracker (~> 0.0.1)
    columnize (0.9.0)
    daemons (1.2.3)
    database_cleaner (1.4.1)
    debug_inspector (0.0.2)
    default_value_for (3.0.1)
      activerecord (>= 3.2.0, < 5.0)
    descendants_tracker (0.0.4)
      thread_safe (~> 0.3, >= 0.3.1)
    devicedb_comms (0.1.1)
      activesupport (>= 4.0, < 4.3)
      virtus (~> 1.0)
    did_you_mean (0.9.10)
      interception
    diff-lcs (1.2.5)
    diffy (3.0.7)
    equalizer (0.0.11)
    erubis (2.7.0)
    eventmachine (1.0.7)
    execjs (2.5.2)
    fabrication (2.10.0)
    flatten_migrations (0.0.1)
      rails (>= 3.0)
      rake
    font-awesome-sass (4.3.2.1)
      sass (~> 3.2)
    forgery (0.6.0)
    hashie (3.4.2)
    hike (1.2.3)
    hitimes (1.2.2)
    hive-messages (1.0.4)
      activemodel (>= 4.0, < 4.3)
      activesupport (>= 4.0, < 4.3)
      mimemagic (~> 0.3)
      multi_json (~> 1.11)
      multipart-post (~> 2.0)
      roar (~> 1.0)
      virtus (~> 1.0)
    i18n (0.7.0)
    ice_nine (0.11.1)
    image-picker-rails (0.2.4)
      railties (>= 3.0)
    imperator (0.2.0)
      activemodel
      uuidtools
      virtus
    interception (0.5)
    jbuilder (2.3.1)
      activesupport (>= 3.0.0, < 5)
      multi_json (~> 1.2)
    jquery-rails (3.1.3)
      railties (>= 3.0, < 5.0)
      thor (>= 0.14, < 2.0)
    js-routes (1.0.1)
      railties (>= 3.2)
      sprockets-rails
    json (1.8.3)
    mail (2.6.3)
      mime-types (>= 1.16, < 3)
    method_source (0.8.2)
    mime-types (2.6.1)
    mimemagic (0.3.0)
    mini_portile (0.6.2)
    minitest (5.7.0)
    multi_json (1.11.2)
    multipart-post (2.0.0)
    mysql2 (0.3.18)
    nokogiri (1.6.6.2)
      mini_portile (~> 0.6.0)
    omniauth (1.2.2)
      hashie (>= 1.2, < 4)
      rack (~> 1.0)
    paperclip (4.3.0)
      activemodel (>= 3.2.0)
      activesupport (>= 3.2.0)
      cocaine (~> 0.5.5)
      mime-types
      mimemagic (= 0.3.0)
    paranoia (2.0.5)
      activerecord (~> 4.0)
    pry (0.10.1)
      coderay (~> 1.1.0)
      method_source (~> 0.8.1)
      slop (~> 3.4)
    pry-byebug (3.1.0)
      byebug (~> 4.0)
      pry (~> 0.10)
    rack (1.5.5)
    rack-test (0.6.3)
      rack (>= 1.0)
    rails (4.1.12)
      actionmailer (= 4.1.12)
      actionpack (= 4.1.12)
      actionview (= 4.1.12)
      activemodel (= 4.1.12)
      activerecord (= 4.1.12)
      activesupport (= 4.1.12)
      bundler (>= 1.3.0, < 2.0)
      railties (= 4.1.12)
      sprockets-rails (~> 2.0)
    railties (4.1.12)
      actionpack (= 4.1.12)
      activesupport (= 4.1.12)
      rake (>= 0.8.7)
      thor (>= 0.18.1, < 2.0)
    rake (10.4.2)
    representable (2.2.3)
      multi_json
      nokogiri
      uber (~> 0.0.7)
    responders (1.1.2)
      railties (>= 3.2, < 4.2)
    roar (1.0.1)
      representable (>= 2.0.1, <= 3.0.0)
    roar-rails (1.0.1)
      actionpack
      railties (>= 3.0.0)
      responders
      roar (>= 1.0.0, <= 1.1.0)
      test_xml (>= 0.1.6)
      uber (>= 0.0.5)
    rspec-core (2.14.8)
    rspec-expectations (2.14.5)
      diff-lcs (>= 1.1.3, < 2.0)
    rspec-mocks (2.14.6)
    rspec-rails (2.14.2)
      actionpack (>= 3.0)
      activemodel (>= 3.0)
      activesupport (>= 3.0)
      railties (>= 3.0)
      rspec-core (~> 2.14.0)
      rspec-expectations (~> 2.14.0)
      rspec-mocks (~> 2.14.0)
    sass (3.2.19)
    sass-rails (4.0.5)
      railties (>= 4.0.0, < 5.0)
      sass (~> 3.2.2)
      sprockets (~> 2.8, < 3.0)
      sprockets-rails (~> 2.0)
    select2-rails (3.5.9.3)
      thor (~> 0.14)
    settingslogic (2.0.9)
    shoulda-callback-matchers (1.1.3)
      activesupport (>= 3)
    shoulda-matchers (2.8.0)
      activesupport (>= 3.0.0)
    simple_form (3.1.0)
      actionpack (~> 4.0)
      activemodel (~> 4.0)
    slop (3.6.0)
    sprockets (2.12.4)
      hike (~> 1.2)
      multi_json (~> 1.0)
      rack (~> 1.0)
      tilt (~> 1.1, != 1.3.0)
    sprockets-rails (2.3.2)
      actionpack (>= 3.0)
      activesupport (>= 3.0)
      sprockets (>= 2.8, < 4.0)
    sqlite3 (1.3.11)
    state_machine (1.2.0)
    sucker_punch (1.5.0)
      celluloid (~> 0.16.0)
    test_after_commit (0.4.1)
      activerecord (>= 3.2)
    test_rail-api (0.4.0)
      json (~> 1.0)
      virtus (~> 1.0)
    test_xml (0.1.7)
      diffy (~> 3.0)
      nokogiri (>= 1.3.2)
    thin (1.6.3)
      daemons (~> 1.0, >= 1.0.9)
      eventmachine (~> 1.0)
      rack (~> 1.0)
    thor (0.19.1)
    thread_safe (0.3.5)
    tilt (1.4.1)
    timecop (0.7.4)
    timers (4.0.1)
      hitimes
    tzinfo (1.2.2)
      thread_safe (~> 0.1)
    uber (0.0.13)
    uuidtools (2.1.5)
    virtus (1.0.5)
      axiom-types (~> 0.1)
      coercible (~> 1.0)
      descendants_tracker (~> 0.0, >= 0.0.3)
      equalizer (~> 0.0, >= 0.0.9)
    will_paginate (3.0.7)

PLATFORMS
  ruby

DEPENDENCIES
  autoprefixer-rails
  aws-sdk (~> 1.6)
  better_errors
  binding_of_caller
  bootstrap-sass (< 3.3.0)
  bootstrap-switch-rails (< 3.1.0)
  cachethod (~> 0.2.0)
  chamber
  chartjs-ror
  cocoon
  database_cleaner
  default_value_for (~> 3.0.0)
  devicedb_comms (~> 0.1)
  did_you_mean
  fabrication (< 2.11.0)
  flatten_migrations
  font-awesome-sass
  forgery
  hive-messages (~> 1.0.4)
  image-picker-rails
  imperator
  jbuilder
  jquery-rails
  js-routes
  mysql2
  omniauth
  paperclip
  paranoia (~> 2.0.2)
  pry-byebug
  rails (~> 4.1.6)
  roar-rails
  rspec-rails (= 2.14.2)
  sass-rails (~> 4.0.0)
  select2-rails
  settingslogic
  shoulda-callback-matchers (~> 1.0)
  shoulda-matchers
  simple_form (~> 3.1.0.rc2)
  sqlite3
  state_machine
  sucker_punch (~> 1.0)
  test_after_commit
  test_rail-api (~> 0.4)
  thin
  timecop
  will_paginate (~> 3.0)

BUNDLED WITH
   1.10.6
